GEM
  remote: https://rubygems.org/
  specs:
    hashie (3.6.0)
    minitest (5.11.3)
    rake (12.3.3)

PLATFORMS
  ruby

DEPENDENCIES
  hashie
  minitest
  rake

BUNDLED WITH
   1.17.1
